GIT
  remote: https://github.com/Iridescent-CM/city-state.git
  revision: 4e67cd362c407e21db36e4ae72274b3d21d7122e
  branch: keep-list-updated
  specs:
    city-state (0.0.13)
      rubyzip (~> 1.1)

GIT
  remote: https://github.com/Iridescent-CM/textacular.git
  revision: 99cf5ef6cff0129b75bed261c6dd8e765f04a0c8
  branch: change-assemble-query
  specs:
    textacular (5.0.1)
      activerecord (>= 5.0, < 6.0)

GEM
  remote: https://rubygems.org/
  specs:
    actioncable (5.1.7)
      actionpack (= 5.1.7)
      nio4r (~> 2.0)
      websocket-driver (~> 0.6.1)
    actionmailer (5.1.7)
      actionpack (= 5.1.7)
      actionview (= 5.1.7)
      activejob (= 5.1.7)
      mail (~> 2.5, >= 2.5.4)
      rails-dom-testing (~> 2.0)
    actionpack (5.1.7)
      actionview (= 5.1.7)
      activesupport (= 5.1.7)
      rack (~> 2.0)
      rack-test (>= 0.6.3)
      rails-dom-testing (~> 2.0)
      rails-html-sanitizer (~> 1.0, >= 1.0.2)
    actionview (5.1.7)
      activesupport (= 5.1.7)
      builder (~> 3.1)
      erubi (~> 1.4)
      rails-dom-testing (~> 2.0)
      rails-html-sanitizer (~> 1.0, >= 1.0.3)
    active_record_query_trace (1.5.4)
    activejob (5.1.7)
      activesupport (= 5.1.7)
      globalid (>= 0.3.6)
    activemodel (5.1.7)
      activesupport (= 5.1.7)
    activerecord (5.1.7)
      activemodel (= 5.1.7)
      activesupport (= 5.1.7)
      arel (~> 8.0)
    activesupport (5.1.7)
      concurrent-ruby (~> 1.0, >= 1.0.2)
      i18n (>= 0.7, < 2)
      minitest (~> 5.1)
      tzinfo (~> 1.1)
    addressable (2.5.2)
      public_suffix (>= 2.0.2, < 4.0)
    after_commit_action (1.1.0)
      activerecord (>= 3.0.0)
      activesupport (>= 3.0.0)
    airbrake (6.3.0)
      airbrake-ruby (~> 2.4)
    airbrake-ruby (2.12.0)
    anbt-sql-formatter (0.0.7)
    arel (8.0.0)
    arrayfields (4.9.2)
    ast (2.4.0)
    autoprefixer-rails (6.7.7.2)
      execjs
    aws-sdk (2.11.162)
      aws-sdk-resources (= 2.11.162)
    aws-sdk-core (2.11.162)
      aws-sigv4 (~> 1.0)
      jmespath (~> 1.0)
    aws-sdk-resources (2.11.162)
      aws-sdk-core (= 2.11.162)
    aws-sigv4 (1.0.3)
    barnes (0.0.7)
      multi_json (~> 1)
      statsd-ruby (~> 1.1)
    bcrypt (3.1.12)
    bindex (0.5.0)
    bootsnap (1.3.2)
      msgpack (~> 1.0)
    browser (2.5.3)
    builder (3.2.3)
    capybara (2.18.0)
      addressable
      mini_mime (>= 0.1.3)
      nokogiri (>= 1.3.3)
      rack (>= 1.0.0)
      rack-test (>= 0.5.4)
      xpath (>= 2.0, < 4.0)
    carmen (1.1.1)
      activesupport (>= 3.0.0)
    carrierwave (1.2.3)
      activemodel (>= 4.0.0)
      activesupport (>= 4.0.0)
      mime-types (>= 1.16)
    carrierwave_direct (0.0.16)
      carrierwave
      fog-aws
    casting (0.7.2)
    checkr-official (1.5.2)
      json (>= 1.8.1)
      rest-client (>= 1.4)
    childprocess (2.0.0)
      rake (< 13.0)
    chronic (0.10.2)
    churn (1.0.2)
      chronic (>= 0.2.3)
      hirb
      json_pure
      main
      rest-client (>= 1.6.0)
      ruby_parser (~> 3.0)
      sexp_processor (~> 4.1)
    clipboard-rails (1.7.1)
    cliver (0.3.2)
    cocoon (1.2.12)
    coffee-rails (4.2.2)
      coffee-script (>= 2.2.0)
      railties (>= 4.0.0)
    coffee-script (2.4.1)
      coffee-script-source
      execjs
    coffee-script-source (1.12.2)
    concurrent-ruby (1.1.5)
    connection_pool (2.2.2)
    counter_culture (1.12.0)
      activerecord (>= 3.0.0)
      activesupport (>= 3.0.0)
      after_commit_action (~> 1.0)
    countries (1.2.5)
      currencies (~> 0.4.2)
      i18n_data (~> 0.7.0)
    country_state_select (3.0.5)
      city-state
      rails
    crack (0.4.3)
      safe_yaml (~> 1.0.0)
    crass (1.0.5)
    css_parser (1.6.0)
      addressable
    currencies (0.4.2)
    dalli (2.7.9)
    datagrid (1.5.8)
      rails (>= 4.0)
    diff-lcs (1.3)
    domain_name (0.5.20180417)
      unf (>= 0.0.5, < 1.0.0)
    dotenv (2.5.0)
    dotenv-rails (2.5.0)
      dotenv (= 2.5.0)
      railties (>= 3.2, < 6.0)
    dropzonejs-rails (0.8.2)
      rails (> 3.1)
    erubi (1.9.0)
    excon (0.62.0)
    execjs (2.7.0)
    factory_bot (4.11.1)
      activesupport (>= 3.0.0)
    factory_bot_rails (4.11.1)
      factory_bot (~> 4.11.1)
      railties (>= 3.0.0)
    fakeredis (0.7.0)
      redis (>= 3.2, < 5.0)
    fast_jsonapi (1.4)
      activesupport (>= 4.2)
    fattr (2.4.0)
    ffi (1.9.25)
    flag_shih_tzu (0.3.22)
    fog-aws (1.4.1)
      fog-core (~> 1.38)
      fog-json (~> 1.0)
      fog-xml (~> 0.1)
      ipaddress (~> 0.8)
    fog-core (1.45.0)
      builder
      excon (~> 0.58)
      formatador (~> 0.2)
    fog-json (1.2.0)
      fog-core
      multi_json (~> 1.10)
    fog-xml (0.1.3)
      fog-core
      nokogiri (>= 1.5.11, < 2.0.0)
    font-awesome-rails (4.7.0.4)
      railties (>= 3.2, < 6.0)
    formatador (0.2.5)
    friendly_id (5.2.4)
      activerecord (>= 4.0.0)
    geocoder (1.4.9)
    globalid (0.4.2)
      activesupport (>= 4.2.0)
    has_secure_token (1.0.0)
      activerecord (>= 3.0)
    hashdiff (0.3.8)
    heroku-deflater (0.6.3)
      rack (>= 1.4.5)
    highline (2.0.0)
    hirb (0.7.3)
    hiredis (0.6.1)
    htmlentities (4.3.4)
    http-cookie (1.0.3)
      domain_name (~> 0.5)
    httparty (0.16.2)
      multi_xml (>= 0.5.2)
    i18n (1.7.0)
      concurrent-ruby (~> 1.0)
    i18n-tasks (0.9.28)
      activesupport (>= 4.0.2)
      ast (>= 2.1.0)
      erubi
      highline (>= 2.0.0)
      i18n
      parser (>= 2.2.3.0)
      rails-i18n
      rainbow (>= 2.2.2, < 4.0)
      terminal-table (>= 1.5.1)
    i18n_data (0.7.0)
    indefinite_article (0.2.4)
      activesupport
    ipaddress (0.8.3)
    jmespath (1.4.0)
    jquery-rails (4.3.3)
      rails-dom-testing (>= 1, < 3)
      railties (>= 4.2.0)
      thor (>= 0.14, < 2.0)
    jquery-ui-rails (6.0.1)
      railties (>= 3.2.16)
    json (2.1.0)
    json_pure (2.1.0)
    launchy (2.4.3)
      addressable (~> 2.3)
    letter_opener (1.6.0)
      launchy (~> 2.2)
    listen (3.1.5)
      rb-fsevent (~> 0.9, >= 0.9.4)
      rb-inotify (~> 0.9, >= 0.9.7)
      ruby_dep (~> 1.2)
    lodash-rails (4.17.10)
      railties (>= 3.1)
    loofah (2.3.1)
      crass (~> 1.0.2)
      nokogiri (>= 1.5.9)
    mail (2.7.1)
      mini_mime (>= 0.1.1)
    mailgun-ruby (1.1.11)
      rest-client (~> 2.0.2)
    main (6.2.2)
      arrayfields (~> 4.7, >= 4.7.4)
      chronic (~> 0.6, >= 0.6.2)
      fattr (~> 2.2, >= 2.2.0)
      map (~> 6.1, >= 6.1.0)
    map (6.6.0)
    method_source (0.9.2)
    mime-types (3.2.2)
      mime-types-data (~> 3.2015)
    mime-types-data (3.2018.0812)
    mini_magick (4.9.4)
    mini_mime (1.0.2)
    mini_portile2 (2.4.0)
    minitest (5.13.0)
    msgpack (1.2.4)
    multi_json (1.13.1)
    multi_xml (0.6.0)
    mustermann (1.0.3)
    netrc (0.11.0)
    newrelic_rpm (3.18.1.330)
    nio4r (2.5.2)
    nokogiri (1.10.5)
      mini_portile2 (~> 2.4.0)
    normalize-rails (4.1.1)
    paranoia (2.4.1)
      activerecord (>= 4.0, < 5.3)
    parser (2.5.3.0)
      ast (~> 2.4.0)
    pdf-forms (1.2.0)
      cliver (~> 0.3.2)
      safe_shell (>= 1.0.3, < 2.0)
    pg (0.21.0)
    pp_sql (0.2.9)
      anbt-sql-formatter (~> 0.0.5)
      rails
    premailer (1.11.1)
      addressable
      css_parser (>= 1.6.0)
      htmlentities (>= 4.0.0)
    premailer-rails (1.10.2)
      actionmailer (>= 3, < 6)
      premailer (~> 1.7, >= 1.7.9)
    public_activity (1.6.2)
      actionpack (>= 3.0.0)
      activerecord (>= 3.0)
      i18n (>= 0.5.0)
      railties (>= 3.0.0)
    public_suffix (3.0.3)
    puma (3.12.2)
    rack (2.0.7)
    rack-protection (2.0.4)
      rack
    rack-proxy (0.6.5)
      rack
    rack-rewrite (1.5.1)
    rack-test (1.1.0)
      rack (>= 1.0, < 3)
    rack-timeout (0.5.1)
    rails (5.1.7)
      actioncable (= 5.1.7)
      actionmailer (= 5.1.7)
      actionpack (= 5.1.7)
      actionview (= 5.1.7)
      activejob (= 5.1.7)
      activemodel (= 5.1.7)
      activerecord (= 5.1.7)
      activesupport (= 5.1.7)
      bundler (>= 1.3.0)
      railties (= 5.1.7)
      sprockets-rails (>= 2.0.0)
    rails-controller-testing (1.0.2)
      actionpack (~> 5.x, >= 5.0.1)
      actionview (~> 5.x, >= 5.0.1)
      activesupport (~> 5.x)
    rails-dom-testing (2.0.3)
      activesupport (>= 4.2.0)
      nokogiri (>= 1.6)
    rails-html-sanitizer (1.3.0)
      loofah (~> 2.3)
    rails-i18n (5.1.2)
      i18n (>= 0.7, < 2)
      railties (>= 5.0, < 6)
    railties (5.1.7)
      actionpack (= 5.1.7)
      activesupport (= 5.1.7)
      method_source
      rake (>= 0.8.7)
      thor (>= 0.18.1, < 2.0)
    rainbow (3.0.0)
    rake (12.3.3)
    rb-fsevent (0.10.3)
    rb-inotify (0.9.10)
      ffi (>= 0.5.0, < 2)
    redis (3.3.5)
    rest-client (2.0.2)
      http-cookie (>= 1.0.2, < 2.0)
      mime-types (>= 1.16, < 4.0)
      netrc (~> 0.8)
    rspec-core (3.8.0)
      rspec-support (~> 3.8.0)
    rspec-expectations (3.8.2)
      diff-lcs (>= 1.2.0, < 2.0)
      rspec-support (~> 3.8.0)
    rspec-mocks (3.8.0)
      diff-lcs (>= 1.2.0, < 2.0)
      rspec-support (~> 3.8.0)
    rspec-rails (3.8.1)
      actionpack (>= 3.0)
      activesupport (>= 3.0)
      railties (>= 3.0)
      rspec-core (~> 3.8.0)
      rspec-expectations (~> 3.8.0)
      rspec-mocks (~> 3.8.0)
      rspec-support (~> 3.8.0)
    rspec-support (3.8.0)
    ruby_dep (1.5.0)
    ruby_parser (3.11.0)
      sexp_processor (~> 4.9)
    rubyzip (1.2.2)
    safe_shell (1.1.0)
    safe_yaml (1.0.4)
    sass (3.6.0)
      sass-listen (~> 4.0.0)
    sass-listen (4.0.0)
      rb-fsevent (~> 0.9, >= 0.9.4)
      rb-inotify (~> 0.9, >= 0.9.7)
    sass-rails (5.0.7)
      railties (>= 4.0.0, < 6)
      sass (~> 3.1)
      sprockets (>= 2.8, < 4.0)
      sprockets-rails (>= 2.0, < 4.0)
      tilt (>= 1.1, < 3)
    scout_apm (2.4.24)
    selenium-webdriver (3.142.4)
      childprocess (>= 0.5, < 3.0)
      rubyzip (~> 1.2, >= 1.2.2)
    sexp_processor (4.11.0)
    sidekiq (4.2.10)
      concurrent-ruby (~> 1.0)
      connection_pool (~> 2.2, >= 2.2.0)
      rack-protection (>= 1.5.0)
      redis (~> 3.2, >= 3.2.1)
    simple_form (5.0.1)
      actionpack (>= 5.0)
      activemodel (>= 5.0)
    sinatra (2.0.4)
      mustermann (~> 1.0)
      rack (~> 2.0)
      rack-protection (= 2.0.4)
      tilt (~> 2.0)
    spring (2.0.2)
      activesupport (>= 4.2)
    spring-watcher-listen (2.0.1)
      listen (>= 2.7, < 4.0)
      spring (>= 1.2, < 3.0)
    sprockets (3.7.2)
      concurrent-ruby (~> 1.0)
      rack (> 1, < 3)
    sprockets-rails (3.2.1)
      actionpack (>= 4.0)
      activesupport (>= 4.0)
      sprockets (>= 3.0.0)
    statsd-ruby (1.4.0)
    terminal-table (1.8.0)
      unicode-display_width (~> 1.1, >= 1.1.1)
    thor (0.20.3)
    thread_safe (0.3.6)
    tilt (2.0.8)
    timecop (0.9.1)
    timezone (1.3.1)
    turbolinks (5.2.0)
      turbolinks-source (~> 5.2)
    turbolinks-source (5.2.0)
    tzinfo (1.2.5)
      thread_safe (~> 0.1)
    uglifier (3.2.0)
      execjs (>= 0.3.0, < 3)
    unf (0.1.4)
      unf_ext
    unf_ext (0.0.7.5)
    unicode-display_width (1.4.0)
    vcr (3.0.3)
    web-console (3.7.0)
      actionview (>= 5.0)
      activemodel (>= 5.0)
      bindex (>= 0.4.0)
      railties (>= 5.0)
    webdrivers (4.1.2)
      nokogiri (~> 1.6)
      rubyzip (~> 1.0)
      selenium-webdriver (>= 3.0, < 4.0)
    webmock (3.5.1)
      addressable (>= 2.3.6)
      crack (>= 0.3.2)
      hashdiff
    webpacker (3.5.5)
      activesupport (>= 4.2)
      rack-proxy (>= 0.6.1)
      railties (>= 4.2)
    websocket-driver (0.6.5)
      websocket-extensions (>= 0.1.0)
    websocket-extensions (0.1.4)
    will_paginate (3.1.6)
    xpath (3.2.0)
      nokogiri (~> 1.8)

PLATFORMS
  ruby

DEPENDENCIES
  actionview (>= 5.1.6.2)
  active_record_query_trace (~> 1.5)
  airbrake (~> 6.3)
  autoprefixer-rails (~> 6.7)
  aws-sdk (~> 2.11)
  barnes (~> 0.0.7)
  bcrypt (~> 3.1)
  bootsnap (~> 1.3)
  browser (~> 2.5)
  capybara (~> 2.18)
  carmen (~> 1.1)
  carrierwave (~> 1.2)
  carrierwave_direct (~> 0.0)
  casting (~> 0.7)
  checkr-official (~> 1.5)
  churn (~> 1.0)
  city-state!
  clipboard-rails (~> 1.7)
  cocoon (~> 1.2)
  coffee-rails (~> 4.2)
  counter_culture (~> 1.12)
  countries (~> 1.2)
  country_state_select (~> 3.0)
  dalli (~> 2.7)
  datagrid (~> 1.5)
  dotenv-rails (~> 2.5)
  dropzonejs-rails (~> 0.8)
  factory_bot_rails (~> 4.11)
  fakeredis (~> 0.7)
  fast_jsonapi (~> 1.4)
  flag_shih_tzu (~> 0.3)
  fog-aws (~> 1.4)
  font-awesome-rails (~> 4.7)
  friendly_id (~> 5.2)
  geocoder (~> 1.4.9)
  has_secure_token (~> 1.0)
  heroku-deflater (~> 0.6)
  hiredis (~> 0.6)
  httparty (~> 0.16)
  i18n-tasks (~> 0.9)
  indefinite_article (~> 0.2)
  jquery-rails (~> 4.3)
  jquery-ui-rails (~> 6.0)
  letter_opener (~> 1.6)
  listen (~> 3.1)
  lodash-rails (~> 4.17)
  loofah (~> 2.2)
  mailgun-ruby (~> 1.1)
  mini_magick (= 4.9.4)
  newrelic_rpm (~> 3.18)
  nokogiri (~> 1.8)
  normalize-rails (~> 4.1)
  paranoia (~> 2.4)
  pdf-forms (~> 1.2)
  pg (~> 0.21)
  pp_sql (~> 0.2)
  premailer-rails (~> 1.10)
  public_activity (~> 1.6)
  puma (~> 3.12.2)
  rack-rewrite (~> 1.5)
  rack-timeout (~> 0.5)
  rails (~> 5.1.0)
  rails-controller-testing (~> 1.0)
  rails-i18n (~> 5.1)
  rspec-rails (~> 3.8)
  sass-rails (~> 5.0)
  scout_apm (~> 2.4)
  sidekiq (~> 4.2)
  simple_form (~> 5.0)
  sinatra (~> 2.0)
  spring (~> 2.0)
  spring-watcher-listen (~> 2.0)
  textacular!
  timecop (~> 0.9)
  timezone (~> 1.3)
  turbolinks (~> 5.2)
  uglifier (~> 3.2)
  vcr (~> 3.0)
  web-console (~> 3.7)
  webdrivers (~> 4.0)
  webmock (~> 3.5)
  webpacker (~> 3.5)
  will_paginate (~> 3.1)

RUBY VERSION
   ruby 2.5.0p0

BUNDLED WITH
   1.17.1
